NUGET
  remote: https://nuget.org/api/v2
  specs:
    FSharp.Charting (0.90.7)
    FSharp.Data (2.0.15)
      Zlib.Portable (>= 1.10.0)
    Zlib.Portable (1.10.0)
