NUGET
  remote: http://nuget.org/api/v2
  specs:
    FAKE (3.7.2)
    FSharp.Data (2.0.15)
      Zlib.Portable (>= 1.10.0)
    Zlib.Portable (1.10.0)
